GEM
  remote: https://rubygems.org/
  specs:
    activesupport (5.0.1)
      concurrent-ruby (~> 1.0, >= 1.0.2)
      i18n (~> 0.7)
      minitest (~> 5.1)
      tzinfo (~> 1.1)
    backports (3.6.8)
    concurrent-ruby (1.0.3)
    erubis (2.7.0)
    ffi (1.9.14)
    futest (0.0.2)
    git-version-bump (0.15.1)
    i18n (0.7.0)
    liquid (4.0.0)
    listen (3.1.5)
      rb-fsevent (~> 0.9, >= 0.9.4)
      rb-inotify (~> 0.9, >= 0.9.7)
      ruby_dep (~> 1.2)
    minitest (5.10.1)
    multi_json (1.12.1)
    puma (3.6.2)
    rack (1.6.5)
    rack-contrib (1.4.0)
      git-version-bump (~> 0.15)
      rack (~> 1.4)
    rack-flash3 (1.0.5)
      rack
    rack-protection (1.5.3)
      rack
    rack-test (0.6.3)
      rack (>= 1.0)
    rb-fsevent (0.9.8)
    rb-inotify (0.9.7)
      ffi (>= 0.5.0)
    rerun (0.11.0)
      listen (~> 3.0)
    ruby_dep (1.5.0)
    sinatra (1.4.7)
      rack (~> 1.5)
      rack-protection (~> 1.4)
      tilt (>= 1.3, < 3)
    sinatra-contrib (1.4.7)
      backports (>= 2.0)
      multi_json
      rack-protection
      rack-test
      sinatra (~> 1.4.0)
      tilt (>= 1.3, < 3)
    terminal-notifier (1.7.1)
    thread_safe (0.3.5)
    tilt (2.0.5)
    tzinfo (1.2.2)
      thread_safe (~> 0.1)
    utf8-cleaner (0.2.5)
      activesupport

PLATFORMS
  ruby

DEPENDENCIES
  erubis
  futest
  liquid
  puma
  rack-contrib
  rack-flash3
  rb-fsevent
  rerun
  sinatra
  sinatra-contrib
  terminal-notifier
  utf8-cleaner

BUNDLED WITH
   1.12.5
